GEM
  remote: https://rubygems.org/
  specs:
    colorize (0.8.1)
    graphql (1.7.12)
    json (2.0.2)
    jwt (1.5.5)
    minitest (5.9.0)
    mysql2 (0.4.10)
    puma (3.6.0)
    rack (1.6.4)
    rack-jwt (0.3.0)
      jwt (~> 1.5.2)
      rack (>= 1.6.0)
    rack-protection (1.5.3)
      rack
    rack-test (0.6.3)
      rack (>= 1.0)
    rake (10.5.0)
    sequel (5.5.0)
    sinatra (1.4.7)
      rack (~> 1.5)
      rack-protection (~> 1.4)
      tilt (>= 1.3, < 3)
    socksify (1.7.1)
    sqlite3 (1.3.13)
    tilt (2.0.5)
    unindent (1.0)

PLATFORMS
  ruby

DEPENDENCIES
  colorize
  graphql
  json
  minitest (~> 5.2)
  mysql2
  puma
  rack-jwt
  rack-protection
  rack-test (~> 0.6)
  rake (~> 10.0)
  sequel
  sinatra (>= 1.4)
  socksify
  sqlite3
  unindent

BUNDLED WITH
   1.15.4
